GEM
  remote: http://rubygems.org/
  specs:
    actionmailer (2.3.18)
      actionpack (= 2.3.18)
    actionpack (2.3.18)
      activesupport (= 2.3.18)
      rack (~> 1.1.0)
    activerecord (2.3.18)
      activesupport (= 2.3.18)
    activeresource (2.3.18)
      activesupport (= 2.3.18)
    activesupport (2.3.18)
    builder (3.2.2)
    childprocess (0.5.3)
      ffi (~> 1.0, >= 1.0.11)
    cucumber (1.2.1)
      builder (>= 2.1.2)
      diff-lcs (>= 1.1.3)
      gherkin (~> 2.11.0)
      json (>= 1.4.6)
    diff-lcs (1.2.5)
    ffi (1.9.3)
    ffi (1.9.3-java)
    gherkin (2.11.6)
      json (>= 1.7.6)
    gherkin (2.11.6-java)
      json (>= 1.7.6)
    hoe (3.12.0)
      rake (>= 0.8, < 11.0)
    json (1.8.1)
    json (1.8.1-java)
    multi_json (1.0.0)
    rack (1.1.6)
    rails (2.3.18)
      actionmailer (= 2.3.18)
      actionpack (= 2.3.18)
      activerecord (= 2.3.18)
      activeresource (= 2.3.18)
      activesupport (= 2.3.18)
      rake (>= 0.8.3)
    rake (10.3.1)
    rspec (1.2.8)
      cucumber (>= 0.2.2)
      hoe (>= 2.3.1)
    rspec-rails (1.2.7.1)
      rack (>= 0.4.0)
      rspec (>= 1.2.7)
    rubyzip (0.9.9)
    selenium-webdriver (2.35.1)
      childprocess (>= 0.2.5)
      multi_json (~> 1.0)
      rubyzip (< 1.0.0)
      websocket (~> 1.0.4)
    validatable (1.6.7)
    websocket (1.0.7)

PLATFORMS
  java
  ruby

DEPENDENCIES
  json
  multi_json (= 1.0.0)
  rails (~> 2.3.5)
  rspec (= 1.2.8)
  rspec-rails (= 1.2.7.1)
  selenium-webdriver (= 2.35.1)
  validatable (= 1.6.7)
