PATH
  remote: .
  specs:
    declarative-option (0.1.0)

GEM
  remote: https://rubygems.org/
  specs:
    benchmark-ips (2.7.2)
    minitest (5.10.1)
    minitest-line (0.6.3)
      minitest (~> 5.0)
    rake (12.0.0)

PLATFORMS
  ruby

DEPENDENCIES
  benchmark-ips
  declarative-option!
  minitest
  minitest-line
  rake

BUNDLED WITH
   1.12.5
