PATH
  remote: .
  specs:
    selenium-webdriver (2.53.0dev)
      childprocess (~> 0.5)
      rubyzip (~> 1.0)
      websocket (~> 1.0)

GEM
  remote: https://rubygems.org/
  specs:
    addressable (2.4.0)
    builder (3.2.2)
    childprocess (0.5.9)
      ffi (~> 1.0, >= 1.0.11)
    ci_reporter (1.9.3)
      builder (>= 2.1.2)
    crack (0.4.2)
      safe_yaml (~> 1.0.0)
    diff-lcs (1.2.5)
    ffi (1.9.10)
    hashdiff (0.2.3)
    rack (1.6.4)
    rspec (2.99.0)
      rspec-core (~> 2.99.0)
      rspec-expectations (~> 2.99.0)
      rspec-mocks (~> 2.99.0)
    rspec-core (2.99.2)
    rspec-expectations (2.99.2)
      diff-lcs (>= 1.1.3, < 2.0)
    rspec-mocks (2.99.4)
    rubyzip (1.2.0)
    safe_yaml (1.0.4)
    webmock (1.22.3)
      addressable (>= 2.3.6)
      crack (>= 0.3.2)
      hashdiff
    websocket (1.2.2)
    yard (0.8.7.6)

PLATFORMS
  ruby

DEPENDENCIES
  ci_reporter (~> 1.6, >= 1.6.2)
  rack (~> 1.0)
  rspec (~> 2.99.0)
  selenium-webdriver!
  webmock (~> 1.7, >= 1.7.5)
  yard (~> 0.8.7)

BUNDLED WITH
   1.11.2
