GEM
  remote: https://rubygems.org/
  specs:
    actioncable (7.2.3)
      actionpack (= 7.2.3)
      activesupport (= 7.2.3)
      nio4r (~> 2.0)
      websocket-driver (>= 0.6.1)
      zeitwerk (~> 2.6)
    actionmailbox (7.2.3)
      actionpack (= 7.2.3)
      activejob (= 7.2.3)
      activerecord (= 7.2.3)
      activestorage (= 7.2.3)
      activesupport (= 7.2.3)
      mail (>= 2.8.0)
    actionmailer (7.2.3)
      actionpack (= 7.2.3)
      actionview (= 7.2.3)
      activejob (= 7.2.3)
      activesupport (= 7.2.3)
      mail (>= 2.8.0)
      rails-dom-testing (~> 2.2)
    actionpack (7.2.3)
      actionview (= 7.2.3)
      activesupport (= 7.2.3)
      cgi
      nokogiri (>= 1.8.5)
      racc
      rack (>= 2.2.4, < 3.3)
      rack-session (>= 1.0.1)
      rack-test (>= 0.6.3)
      rails-dom-testing (~> 2.2)
      rails-html-sanitizer (~> 1.6)
      useragent (~> 0.16)
    actiontext (7.2.3)
      actionpack (= 7.2.3)
      activerecord (= 7.2.3)
      activestorage (= 7.2.3)
      activesupport (= 7.2.3)
      globalid (>= 0.6.0)
      nokogiri (>= 1.8.5)
    actionview (7.2.3)
      activesupport (= 7.2.3)
      builder (~> 3.1)
      cgi
      erubi (~> 1.11)
      rails-dom-testing (~> 2.2)
      rails-html-sanitizer (~> 1.6)
    activejob (7.2.3)
      activesupport (= 7.2.3)
      globalid (>= 0.3.6)
    activemodel (7.2.3)
      activesupport (= 7.2.3)
    activerecord (7.2.3)
      activemodel (= 7.2.3)
      activesupport (= 7.2.3)
      timeout (>= 0.4.0)
    activestorage (7.2.3)
      actionpack (= 7.2.3)
      activejob (= 7.2.3)
      activerecord (= 7.2.3)
      activesupport (= 7.2.3)
      marcel (~> 1.0)
    activesupport (7.2.3)
      base64
      benchmark (>= 0.3)
      bigdecimal
      concurrent-ruby (~> 1.0, >= 1.3.1)
      connection_pool (>= 2.2.5)
      drb
      i18n (>= 1.6, < 2)
      logger (>= 1.4.2)
      minitest (>= 5.1)
      securerandom (>= 0.3)
      tzinfo (~> 2.0, >= 2.0.5)
    addressable (2.8.7)
      public_suffix (>= 2.0.2, < 7.0)
    base64 (0.3.0)
    benchmark (0.5.0)
    bigdecimal (3.3.1)
    bigdecimal (3.3.1-java)
    builder (3.3.0)
    capybara (3.40.0)
      addressable
      matrix
      mini_mime (>= 0.1.3)
      nokogiri (~> 1.11)
      rack (>= 1.6.0)
      rack-test (>= 0.6.3)
      regexp_parser (>= 1.5, < 3.0)
      xpath (~> 3.2)
    cgi (0.5.0)
    cgi (0.5.0-java)
    concurrent-ruby (1.3.5)
    connection_pool (2.5.4)
    crass (1.0.6)
    dartsass-sprockets (3.2.1)
      railties (>= 4.0.0)
      sassc-embedded (~> 1.80.1)
      sprockets (> 3.0)
      sprockets-rails
      tilt
    date (3.5.0)
    date (3.5.0-java)
    diff-lcs (1.6.2)
    drb (2.2.3)
    erb (4.0.4)
      cgi (>= 0.3.3)
    erb (4.0.4-java)
      cgi (>= 0.3.3)
    erubi (1.13.1)
    ffi (1.17.2-java)
    ffi-compiler (1.3.2)
      ffi (>= 1.15.5)
      rake
    globalid (1.3.0)
      activesupport (>= 6.1)
    google-protobuf (4.33.0-java)
      bigdecimal
      ffi (~> 1)
      ffi-compiler (~> 1)
      rake (>= 13)
    google-protobuf (4.33.0-x86_64-linux-gnu)
      bigdecimal
      rake (>= 13)
    i18n (1.14.7)
      concurrent-ruby (~> 1.0)
    io-console (0.8.1)
    io-console (0.8.1-java)
    irb (1.15.2)
      pp (>= 0.6.0)
      rdoc (>= 4.0.0)
      reline (>= 0.4.2)
    jar-dependencies (0.5.5)
    js-routes (1.4.14)
      railties (>= 4)
    logger (1.7.0)
    loofah (2.24.1)
      crass (~> 1.0.2)
      nokogiri (>= 1.12.0)
    mail (2.9.0)
      logger
      mini_mime (>= 0.1.1)
      net-imap
      net-pop
      net-smtp
    marcel (1.1.0)
    matrix (0.4.3)
    mini_mime (1.1.5)
    minitest (5.26.0)
    net-imap (0.5.12)
      date
      net-protocol
    net-pop (0.1.2)
      net-protocol
    net-protocol (0.2.2)
      timeout
    net-smtp (0.5.1)
      net-protocol
    nio4r (2.7.4)
    nio4r (2.7.4-java)
    nokogiri (1.18.10-java)
      racc (~> 1.4)
    nokogiri (1.18.10-x86_64-linux-gnu)
      racc (~> 1.4)
    pp (0.6.3)
      prettyprint
    prettyprint (0.2.0)
    psych (5.2.6)
      date
      stringio
    psych (5.2.6-java)
      date
      jar-dependencies (>= 0.1.7)
    public_suffix (6.0.2)
    racc (1.8.1)
    racc (1.8.1-java)
    rack (2.2.20)
    rack-session (1.0.2)
      rack (< 3)
    rack-test (2.2.0)
      rack (>= 1.3)
    rackup (1.0.1)
      rack (< 3)
      webrick
    rails (7.2.3)
      actioncable (= 7.2.3)
      actionmailbox (= 7.2.3)
      actionmailer (= 7.2.3)
      actionpack (= 7.2.3)
      actiontext (= 7.2.3)
      actionview (= 7.2.3)
      activejob (= 7.2.3)
      activemodel (= 7.2.3)
      activerecord (= 7.2.3)
      activestorage (= 7.2.3)
      activesupport (= 7.2.3)
      bundler (>= 1.15.0)
      railties (= 7.2.3)
    rails-controller-testing (1.0.5)
      actionpack (>= 5.0.1.rc1)
      actionview (>= 5.0.1.rc1)
      activesupport (>= 5.0.1.rc1)
    rails-dom-testing (2.3.0)
      activesupport (>= 5.0.0)
      minitest
      nokogiri (>= 1.6)
    rails-html-sanitizer (1.6.2)
      loofah (~> 2.21)
      nokogiri (>= 1.15.7, != 1.16.7, != 1.16.6, != 1.16.5, != 1.16.4, != 1.16.3, != 1.16.2, != 1.16.1, != 1.16.0.rc1, != 1.16.0)
    railties (7.2.3)
      actionpack (= 7.2.3)
      activesupport (= 7.2.3)
      cgi
      irb (~> 1.13)
      rackup (>= 1.0.0)
      rake (>= 12.2)
      thor (~> 1.0, >= 1.2.2)
      tsort (>= 0.2)
      zeitwerk (~> 2.6)
    rake (13.3.1)
    rdoc (6.15.0)
      erb
      psych (>= 4.0.0)
      tsort
    regexp_parser (2.11.3)
    reline (0.6.2)
      io-console (~> 0.5)
    rspec-core (3.13.6)
      rspec-support (~> 3.13.0)
    rspec-expectations (3.13.5)
      diff-lcs (>= 1.2.0, < 2.0)
      rspec-support (~> 3.13.0)
    rspec-mocks (3.13.6)
      diff-lcs (>= 1.2.0, < 2.0)
      rspec-support (~> 3.13.0)
    rspec-rails (8.0.2)
      actionpack (>= 7.2)
      activesupport (>= 7.2)
      railties (>= 7.2)
      rspec-core (~> 3.13)
      rspec-expectations (~> 3.13)
      rspec-mocks (~> 3.13)
      rspec-support (~> 3.13)
    rspec-support (3.13.6)
    rspec_junit_formatter (0.6.0)
      rspec-core (>= 2, < 4, != 2.12.0)
    sass-embedded (1.93.2)
      google-protobuf (~> 4.31)
      rake (>= 13)
    sassc-embedded (1.80.5)
      sass-embedded (~> 1.80)
    securerandom (0.4.1)
    sprockets (4.2.2)
      concurrent-ruby (~> 1.0)
      logger
      rack (>= 2.2.4, < 4)
    sprockets-rails (3.5.2)
      actionpack (>= 6.1)
      activesupport (>= 6.1)
      sprockets (>= 3.0.0)
    stringio (3.1.7)
    thor (1.4.0)
    tilt (2.6.1)
    timeout (0.4.3)
    ts_routes (1.0.3)
      railties (>= 4.0)
    tsort (0.2.0)
    tzinfo (2.0.6)
      concurrent-ruby (~> 1.0)
    tzinfo-data (1.2025.2)
      tzinfo (>= 1.0.0)
    useragent (0.16.11)
    webrick (1.9.1)
    websocket-driver (0.8.0)
      base64
      websocket-extensions (>= 0.1.0)
    websocket-driver (0.8.0-java)
      base64
      websocket-extensions (>= 0.1.0)
    websocket-extensions (0.1.5)
    xpath (3.2.0)
      nokogiri (~> 1.8)
    zeitwerk (2.6.18)

PLATFORMS
  universal-java-17
  universal-java-21
  x86_64-linux

DEPENDENCIES
  capybara
  dartsass-sprockets
  js-routes (~> 1.4)
  rack (~> 2.2.17)
  rails (~> 7.2.2)
  rails-controller-testing
  rspec-rails
  rspec_junit_formatter
  sprockets-rails
  ts_routes
  tzinfo-data

RUBY VERSION
   ruby 3.1.7p0 (jruby 9.4.14.0)

BUNDLED WITH
   2.6.3
